GEM
  remote: https://rubygems.org/
  specs:
    bcrypt (3.1.9)
    capybara (2.4.4)
      mime-types (>= 1.16)
      nokogiri (>= 1.3.3)
      rack (>= 1.0.0)
      rack-test (>= 0.5.4)
      xpath (~> 2.0)
    chunky_png (1.3.3)
    compass (1.0.1)
      chunky_png (~> 1.2)
      compass-core (~> 1.0.1)
      compass-import-once (~> 1.0.5)
      rb-fsevent (>= 0.9.3)
      rb-inotify (>= 0.9)
      sass (>= 3.3.13, < 3.5)
    compass-core (1.0.1)
      multi_json (~> 1.0)
      sass (>= 3.3.0, < 3.5)
    compass-import-once (1.0.5)
      sass (>= 3.2, < 3.5)
    diff-lcs (1.2.5)
    ffi (1.9.6)
    foundation (1.0.4)
      thor (>= 0.18.1)
    i18n (0.6.11)
    jsmin (1.0.1)
    mime-types (2.4.3)
    mini_portile (0.6.1)
    multi_json (1.10.1)
    mysql2 (0.3.17)
    nokogiri (1.6.4.1)
      mini_portile (~> 0.6.0)
    rack (1.5.2)
    rack-protection (1.5.3)
      rack
    rack-test (0.6.2)
      rack (>= 1.0)
    rb-fsevent (0.9.4)
    rb-inotify (0.9.5)
      ffi (>= 0.5.0)
    rspec (3.1.0)
      rspec-core (~> 3.1.0)
      rspec-expectations (~> 3.1.0)
      rspec-mocks (~> 3.1.0)
    rspec-core (3.1.7)
      rspec-support (~> 3.1.0)
    rspec-expectations (3.1.2)
      diff-lcs (>= 1.2.0, < 2.0)
      rspec-support (~> 3.1.0)
    rspec-mocks (3.1.3)
      rspec-support (~> 3.1.0)
    rspec-support (3.1.2)
    sass (3.4.8)
    sequel (4.16.0)
    sinatra (1.4.5)
      rack (~> 1.4)
      rack-protection (~> 1.4)
      tilt (~> 1.3, >= 1.3.4)
    sinatra-assetpack (0.3.3)
      jsmin
      rack-test
      sinatra
      tilt (>= 1.3.0, < 2.0)
    sinatra-flash (0.3.0)
      sinatra (>= 1.0.0)
    slim (2.1.0)
      temple (~> 0.6.9)
      tilt (>= 1.3.3, < 2.1)
    temple (0.6.10)
    thor (0.19.1)
    tilt (1.4.1)
    validates_email_format_of (1.6.1)
      i18n
    xpath (2.0.0)
      nokogiri (~> 1.3)

PLATFORMS
  ruby

DEPENDENCIES
  bcrypt
  capybara (~> 2.4.4)
  compass (~> 1.0)
  foundation
  mysql2 (~> 0.3.17)
  rspec (~> 3.1.0)
  sass (~> 3.4.0)
  sequel (~> 4.16.0)
  sinatra (~> 1.4.5)
  sinatra-assetpack
  sinatra-flash
  slim (~> 2.1.0)
  validates_email_format_of
